GEM
  remote: https://rubygems.org/
  specs:
    async (1.28.7)
      console (~> 1.10)
      nio4r (~> 2.3)
      timers (~> 4.1)
    async-http (0.54.1)
      async (~> 1.25)
      async-io (~> 1.28)
      async-pool (~> 0.2)
      protocol-http (~> 0.21.0)
      protocol-http1 (~> 0.13.0)
      protocol-http2 (~> 0.14.0)
    async-io (1.30.2)
      async (~> 1.14)
    async-pool (0.3.4)
      async (~> 1.25)
    console (1.10.1)
      fiber-local
    fiber-local (1.0.0)
    nio4r (2.5.5)
    protocol-hpack (1.4.2)
    protocol-http (0.21.0)
    protocol-http1 (0.13.2)
      protocol-http (~> 0.19)
    protocol-http2 (0.14.2)
      protocol-hpack (~> 1.4)
      protocol-http (~> 0.18)
    timers (4.3.2)

PLATFORMS
  ruby

DEPENDENCIES
  async-http

BUNDLED WITH
   2.1.4
